GEM
  remote: http://rubygems.org/
  specs:
    backports (3.8.0)
    erubis (2.7.0)
    multi_json (1.12.1)
    mustermann (1.0.0)
    puma (3.8.2)
    rack (2.0.3)
    rack-protection (2.0.0)
      rack
    redcarpet (3.4.0)
    sinatra (2.0.0)
      mustermann (~> 1.0)
      rack (~> 2.0)
      rack-protection (= 2.0.0)
      tilt (~> 2.0)
    sinatra-contrib (2.0.0)
      backports (>= 2.0)
      multi_json
      mustermann (~> 1.0)
      rack-protection (= 2.0.0)
      sinatra (= 2.0.0)
      tilt (>= 1.3, < 3)
    tilt (2.0.7)

PLATFORMS
  ruby

DEPENDENCIES
  erubis
  puma
  redcarpet
  sinatra
  sinatra-contrib
  tilt

RUBY VERSION
   ruby 2.4.1p111

BUNDLED WITH
   1.14.6
